GEM
  remote: http://rubygems.org/
  specs:
    CFPropertyList (2.3.5)
    facter (2.5.1)
    fast_gettext (1.1.0)
    gettext (3.2.4)
      locale (>= 2.0.5)
      text (>= 1.3.0)
    gettext-setup (0.28)
      fast_gettext (~> 1.1.0)
      gettext (>= 3.0.2)
      locale
    hiera (3.4.1)
    locale (2.1.2)
    puppet (5.2.0)
      facter (> 2.0, < 4)
      gettext-setup (>= 0.10, < 1)
      hiera (>= 3.2.1, < 4)
      locale (~> 2.1)
    puppet-lint (2.3.0)
    safe_yaml (1.0.4)
    text (1.3.1)

PLATFORMS
  ruby

DEPENDENCIES
  CFPropertyList (~> 2.3.3)
  facter (>= 1.7.0)
  puppet (>= 3.3)
  puppet-lint (>= 1.1.0)
  safe_yaml (>= 1.0.4)

BUNDLED WITH
   1.15.4
